GEM
  remote: https://rubygems.org/
  specs:
    curses (1.3.1)

PLATFORMS
  ruby

DEPENDENCIES
  curses (= 1.3.1)

BUNDLED WITH
   2.0.0
